GEM
  remote: http://rubygems.org/
  specs:
    ruby-prof (0.15.8)
    thor (0.19.1)

PLATFORMS
  ruby

DEPENDENCIES
  ruby-prof
  thor (~> 0.19.1)

BUNDLED WITH
   1.10.6
